GEM
  remote: http://rubygems.org/
  specs:
    addressable (2.3.2)
    builder (3.1.4)
    childprocess (0.3.6)
      ffi (~> 1.0, >= 1.0.6)
    cucumber (1.2.1)
      builder (>= 2.1.2)
      diff-lcs (>= 1.1.3)
      gherkin (~> 2.11.0)
      json (>= 1.4.6)
    diff-lcs (1.1.3)
    ffi (1.2.0-x86-mingw32)
    gherkin (2.11.5-x86-mingw32)
      json (>= 1.4.6)
    json (1.7.5)
    libwebsocket (0.1.7.1)
      addressable
      websocket
    melomel (0.6.6)
      nokogiri (~> 1.4.3)
    multi_json (1.4.0)
    nokogiri (1.4.7-x86-mingw32)
    rack (1.4.1)
    rack-protection (1.3.0)
      rack
    rspec (2.12.0)
      rspec-core (~> 2.12.0)
      rspec-expectations (~> 2.12.0)
      rspec-mocks (~> 2.12.0)
    rspec-core (2.12.1)
    rspec-expectations (2.12.0)
      diff-lcs (~> 1.1.3)
    rspec-mocks (2.12.0)
    rubyzip (0.9.9)
    selenium-webdriver (2.27.1)
      childprocess (>= 0.2.5)
      libwebsocket (~> 0.1.3)
      multi_json (~> 1.0)
      rubyzip
    sinatra (1.3.3)
      rack (~> 1.3, >= 1.3.6)
      rack-protection (~> 1.2)
      tilt (~> 1.3, >= 1.3.3)
    tilt (1.3.3)
    websocket (1.0.4)

PLATFORMS
  x86-mingw32

DEPENDENCIES
  cucumber
  melomel
  rspec
  selenium-webdriver
  sinatra
